GIT
  remote: https://github.com/cucumber/aruba
  revision: 7aa51fc5167b171cd8fd6b41b3f07c68c9682d66
  specs:
    aruba (1.0.0.pre.alpha.2)
      childprocess (~> 0.7.1)
      contracts (~> 0.14)
      cucumber (~> 2.4, >= 2.4.0)
      ffi (~> 1.9, >= 1.9.10)
      rspec-expectations (~> 3.4, >= 3.4.0)
      thor (~> 0.19)

PATH
  remote: .
  specs:
    encruby (0.1.0)

GEM
  remote: https://rubygems.org/
  specs:
    builder (3.2.3)
    childprocess (0.7.1)
      ffi (~> 1.0, >= 1.0.11)
    coderay (1.1.2)
    contracts (0.16.0)
    cucumber (2.4.0)
      builder (>= 2.1.2)
      cucumber-core (~> 1.5.0)
      cucumber-wire (~> 0.0.1)
      diff-lcs (>= 1.1.3)
      gherkin (~> 4.0)
      multi_json (>= 1.7.5, < 2.0)
      multi_test (>= 0.1.2)
    cucumber-core (1.5.0)
      gherkin (~> 4.0)
    cucumber-wire (0.0.1)
    diff-lcs (1.3)
    docile (1.1.5)
    ffi (1.9.18)
    gherkin (4.1.3)
    json (2.0.3)
    method_source (0.8.2)
    multi_json (1.12.2)
    multi_test (0.1.2)
    pry (0.11.0)
      coderay (~> 1.1.0)
      method_source (~> 0.8.1)
    rake (10.5.0)
    rspec (3.6.0)
      rspec-core (~> 3.6.0)
      rspec-expectations (~> 3.6.0)
      rspec-mocks (~> 3.6.0)
    rspec-core (3.6.0)
      rspec-support (~> 3.6.0)
    rspec-expectations (3.6.0)
      diff-lcs (>= 1.2.0, < 2.0)
      rspec-support (~> 3.6.0)
    rspec-mocks (3.6.0)
      diff-lcs (>= 1.2.0, < 2.0)
      rspec-support (~> 3.6.0)
    rspec-support (3.6.0)
    simplecov (0.14.1)
      docile (~> 1.1.0)
      json (>= 1.8, < 3)
      simplecov-html (~> 0.10.0)
    simplecov-html (0.10.1)
    thor (0.20.0)

PLATFORMS
  ruby

DEPENDENCIES
  aruba!
  bundler (~> 1.16.a)
  encruby!
  pry (~> 0)
  rake (~> 10.0)
  rspec (~> 3.0)
  simplecov

BUNDLED WITH
   1.16.0.pre.2
